GEM
  remote: https://rubygems.org/
  specs:
    coderay (1.0.9)
    dotenv (0.7.0)
    foreman (0.63.0)
      dotenv (>= 0.7)
      thor (>= 0.13.6)
    method_source (0.8.1)
    multi_json (1.7.2)
    pg (0.15.1)
    pry (0.9.12.1)
      coderay (~> 1.0.5)
      method_source (~> 0.8)
      slop (~> 3.4)
    puma (2.0.0.b7)
      rack (>= 1.1, < 2.0)
    queue_classic (2.1.4)
      multi_json (~> 1.7.2)
      pg (~> 0.15.1)
    rack (1.5.2)
    rack-protection (1.5.0)
      rack
    rake (10.0.4)
    sinatra (1.4.2)
      rack (~> 1.5, >= 1.5.2)
      rack-protection (~> 1.4)
      tilt (~> 1.3, >= 1.3.4)
    slim (1.3.8)
      temple (~> 0.6.3)
      tilt (~> 1.3.3)
    slop (3.4.4)
    temple (0.6.4)
    thor (0.18.1)
    tilt (1.3.7)

PLATFORMS
  ruby

DEPENDENCIES
  foreman
  multi_json
  pry
  puma (~> 2.0.0.b6)
  queue_classic
  rake
  sinatra
  slim
